GEM
  remote: https://rubygems.org/
  specs:
    colorize (0.8.1)
    rake (12.3.3)

PLATFORMS
  arm64-darwin-20
  x86_64-darwin-21
  x86_64-darwin-22
  x86_64-linux

DEPENDENCIES
  colorize (~> 0.8.1)
  rake (~> 12.3)

BUNDLED WITH
   2.3.24
