GEM
  remote: https://O6Ts9-SVDaUZpHMRs2CpJp22RwbETDE@gems.neeto.com/
  specs:
    neeto-course-config-validator (0.0.12)
      colorize (~> 0.8.1)
      rake (~> 13)

GEM
  remote: https://rubygems.org/
  specs:
    coderay (1.1.3)
    colorize (0.8.1)
    method_source (1.0.0)
    pry (0.14.2)
      coderay (~> 1.1)
      method_source (~> 1.0)
    rake (13.0.6)

PLATFORMS
  x86_64-darwin-21
  x86_64-darwin-22

DEPENDENCIES
  neeto-course-config-validator!
  pry
  rake (~> 13)

BUNDLED WITH
   2.4.8
